GEM
  specs:
    ansi (1.4.3)
    builder (3.0.4)
    hashie (2.0.4)
    methadone (1.3.0)
      bundler
    minitest (4.7.3)
    minitest-reporters (0.14.17)
      ansi
      builder
      minitest (>= 2.12, < 5.0)
      powerbar
    powerbar (1.0.11)
      ansi (~> 1.4.0)
      hashie (>= 1.1.0)
    rake (10.0.4)

PLATFORMS
  ruby

DEPENDENCIES
  methadone (~> 1.3.0)
  minitest (~> 4.7.3)
  minitest-reporters (~> 0.14.17)
  rake (~> 10.0.4)
